GEM
  remote: http://rubygems.org/
  remote: http://gems.github.com/
  remote: http://gems.g5search.com/
  specs:
    builder (3.0.0)
    columnize (0.3.2)
    diff-lcs (1.1.2)
    factory_girl (1.3.2)
    fastercsv (1.5.4)
    git (1.2.5)
    haml (3.0.25)
    happymapper (0.3.2)
      libxml-ruby (~> 1.1.3)
    jeweler (1.5.2)
      bundler (~> 1.0.0)
      git (>= 1.2.5)
      rake
    libxml-ruby (1.1.4)
    linecache (0.43)
    mime-types (1.16)
    nokogiri (1.4.3.1)
    pivotal-tracker (0.3.1)
      builder
      happymapper (>= 0.3.2)
      nokogiri (~> 1.4.3.1)
      rest-client (~> 1.6.0)
    rake (0.8.7)
    rest-client (1.6.1)
      mime-types (>= 1.16)
    rspec (2.5.0)
      rspec-core (~> 2.5.0)
      rspec-expectations (~> 2.5.0)
      rspec-mocks (~> 2.5.0)
    rspec-core (2.5.1)
    rspec-expectations (2.5.0)
      diff-lcs (~> 1.1.2)
    rspec-mocks (2.5.0)
    ruby-debug (0.10.4)
      columnize (>= 0.1)
      ruby-debug-base (~> 0.10.4.0)
    ruby-debug-base (0.10.4)
      linecache (>= 0.3)

PLATFORMS
  ruby

DEPENDENCIES
  factory_girl (= 1.3.2)
  fastercsv
  haml
  jeweler
  pivotal-tracker
  rake
  rspec (~> 2.0)
  ruby-debug
